GEM
  remote: http://rubygems.org/
  specs:
    daemons (1.1.9)
    eventmachine (1.0.0)
    fileutils (0.7)
      rmagick (>= 2.13.1)
    inifile (2.0.2)
    rack (1.4.1)
    rack-protection (1.3.2)
      rack
    rake (10.0.3)
    rmagick (2.13.1)
    sinatra (1.3.3)
      rack (~> 1.3, >= 1.3.6)
      rack-protection (~> 1.2)
      tilt (~> 1.3, >= 1.3.3)
    sinatra-flash (0.3.0)
      sinatra (>= 1.0.0)
    sinatra-redirect-with-flash (0.2.0)
      sinatra (>= 1.0.0)
    thin (1.5.0)
      daemons (>= 1.0.9)
      eventmachine (>= 0.12.6)
      rack (>= 1.0.0)
    tilt (1.3.3)

PLATFORMS
  ruby

DEPENDENCIES
  fileutils (~> 0.7)
  inifile (~> 2.0.2)
  rake (~> 10.0.3)
  sinatra (= 1.3.3)
  sinatra-flash
  sinatra-redirect-with-flash
  thin
